GEM
  remote: https://rubygems.org/
  specs:
    faraday (2.5.0)
      faraday-net_http (~> 2.0)
      ruby2_keywords (>= 0.0.4)
    faraday-net_http (2.1.0)
    oj (3.13.23)
    ruby2_keywords (0.0.5)

PLATFORMS
  ruby

DEPENDENCIES
  faraday (= 2.5)
  oj (~> 3.13.0)

BUNDLED WITH
   1.17.2
