GEM
  remote: https://rubygems.org/
  specs:
    oj (3.14.2)

PLATFORMS
  ruby

DEPENDENCIES
  oj

BUNDLED WITH
   1.17.2
